GEM
  remote: https://rubygems.org/
  specs:
    little-plugger (1.1.4)
    logging (2.1.0)
      little-plugger (~> 1.1)
      multi_json (~> 1.10)
    multi_json (1.11.3)

PLATFORMS
  ruby

DEPENDENCIES
  logging

BUNDLED WITH
   1.11.2
