GEM
  remote: https://rubygems.org/
  specs:
    little-plugger (1.1.4)
    logging (2.1.0)
      little-plugger (~> 1.1)
      multi_json (~> 1.10)
    multi_json (1.11.2)
    sequel (4.32.0)
    sqlite3 (1.3.11)

PLATFORMS
  ruby

DEPENDENCIES
  logging
  sequel
  sqlite3

BUNDLED WITH
   1.11.2
