GEM
  remote: https://rubygems.org/
  specs:
    byebug (6.0.2)
    simple-rss (1.3.1)

PLATFORMS
  ruby

DEPENDENCIES
  byebug
  simple-rss

BUNDLED WITH
   1.10.6
