GEM
  remote: https://rubygems.org/
  specs:
    little-plugger (1.1.4)
    logging (2.0.0)
      little-plugger (~> 1.1)
      multi_json (~> 1.10)
    multi_json (1.11.2)
    net-ping (1.7.8)
    sequel (4.31.0)
    sqlite3 (1.3.11)

PLATFORMS
  ruby

DEPENDENCIES
  logging
  net-ping
  sequel
  sqlite3

BUNDLED WITH
   1.11.2
