GEM
  remote: https://rubygems.org/
  specs:
    colorize (0.8.1)
    parallel (1.17.0)
    rmagick (4.0.0)

PLATFORMS
  ruby

DEPENDENCIES
  colorize
  parallel
  rmagick

BUNDLED WITH
   2.0.2
