GEM
  remote: https://rubygems.org/
  specs:
    parallel (1.17.0)
    rmagick (2.13.4)

PLATFORMS
  ruby

DEPENDENCIES
  parallel
  rmagick

BUNDLED WITH
   2.0.2
